GIT
  remote: git://github.com/aarondufall/file-transfer-component.git
  revision: 2b5ca3c1b7cfb85eae33681507a55e165293792e
  specs:
    file_transfer-client (0.0.0)
      eventide-postgres

GEM
  remote: https://rubygems.org/
  specs:
    addressable (2.5.0)
      public_suffix (~> 2.0, >= 2.0.2)
    aws-sdk (2.8.0)
      aws-sdk-resources (= 2.8.0)
    aws-sdk-core (2.8.0)
      aws-sigv4 (~> 1.0)
      jmespath (~> 1.0)
    aws-sdk-resources (2.8.0)
      aws-sdk-core (= 2.8.0)
    aws-sigv4 (1.0.0)
    byebug (9.0.6)
    capybara (2.12.1)
      addressable
      mime-types (>= 1.16)
      nokogiri (>= 1.3.3)
      rack (>= 1.0.0)
      rack-test (>= 0.5.4)
      xpath (~> 2.0)
    concurrent-ruby (1.0.5)
    confstruct (1.0.2)
      hashie (~> 3.3)
    dotenv (2.2.0)
    dry-configurable (0.6.2)
      concurrent-ruby (~> 1.0)
    dry-container (0.6.0)
      concurrent-ruby (~> 1.0)
      dry-configurable (~> 0.1, >= 0.1.3)
    dry-core (0.2.4)
      concurrent-ruby (~> 1.0)
    dry-equalizer (0.2.0)
    dry-logic (0.4.1)
      dry-container (~> 0.2, >= 0.2.6)
      dry-core (~> 0.2)
      dry-equalizer (~> 0.2)
    dry-types (0.9.4)
      concurrent-ruby (~> 1.0)
      dry-configurable (~> 0.1)
      dry-container (~> 0.3)
      dry-core (~> 0.2, >= 0.2.1)
      dry-equalizer (~> 0.2)
      dry-logic (~> 0.4, >= 0.4.0)
      inflecto (~> 0.0.0, >= 0.0.2)
    dry-validation (0.10.5)
      concurrent-ruby (~> 1.0)
      dry-configurable (~> 0.1, >= 0.1.3)
      dry-core (~> 0.2, >= 0.2.1)
      dry-equalizer (~> 0.2)
      dry-logic (~> 0.4, >= 0.4.0)
      dry-types (~> 0.9, >= 0.9.0)
    eventide-postgres (0.1.1.0)
      evt-entity_snapshot-postgres
      evt-entity_store
      evt-messaging-postgres
    evt-async_invocation (0.1.0.2)
    evt-attribute (0.1.3.2)
    evt-casing (0.2.0.1)
    evt-clock (0.4.0.3)
      naught
      tzinfo
    evt-configure (0.1.2.2)
    evt-cycle (0.3.0.0)
      evt-clock
      evt-initializer
      evt-log
      evt-telemetry
    evt-dependency (0.1.0.1)
      evt-subst_attr
    evt-entity_cache (0.11.1.1)
      evt-clock
      evt-configure
      evt-identifier-uuid
      evt-log
      evt-settings
      evt-telemetry
      evt-virtual
    evt-entity_projection (0.1.0.3)
      evt-messaging
    evt-entity_snapshot-postgres (0.1.0.1)
      evt-entity_store
      evt-messaging-postgres
    evt-entity_store (0.3.3.0)
      evt-entity_cache
      evt-entity_projection
    evt-event_source (0.24.0.0)
      evt-async_invocation
      evt-casing
      evt-identifier-uuid
      evt-initializer
      evt-schema
      evt-transform
      evt-virtual
    evt-event_source-postgres (0.15.1.0)
      evt-cycle
      evt-event_source
      evt-log
      evt-settings
      pg
    evt-identifier-uuid (0.1.1.2)
      naught
    evt-initializer (0.1.0.1)
      evt-attribute
    evt-log (0.4.3.4)
      evt-clock
      evt-dependency
      evt-initializer
      evt-telemetry
      terminal_colors
    evt-messaging (0.12.1.0)
      evt-event_source
    evt-messaging-postgres (0.6.0.0)
      evt-event_source-postgres
      evt-messaging
    evt-schema (0.6.1.0)
      evt-attribute
      evt-set_attributes
      evt-validate
      evt-virtual
    evt-set_attributes (0.3.0.1)
    evt-settings (0.2.0.4)
      confstruct
      evt-casing
      evt-log
    evt-subst_attr (0.1.0.1)
      evt-attribute
      naught
    evt-telemetry (0.3.0.1)
      evt-clock
      evt-dependency
    evt-transform (0.1.1.4)
      evt-log
    evt-validate (0.3.1.4)
    evt-virtual (0.1.0.1)
    hanami (1.0.0.beta2)
      bundler (~> 1.13)
      concurrent-ruby (~> 1.0)
      hanami-assets (~> 1.0.0.beta1)
      hanami-controller (~> 1.0.0.beta2)
      hanami-helpers (~> 1.0.0.beta1)
      hanami-mailer (~> 1.0.0.beta1)
      hanami-router (~> 1.0.0.beta2)
      hanami-utils (~> 1.0.0.beta2)
      hanami-validations (~> 1.0.0.beta1)
      hanami-view (~> 1.0.0.beta1)
      thor (~> 0.19)
    hanami-assets (1.0.0.beta1)
      hanami-helpers (~> 1.0.0.beta1)
      hanami-utils (~> 1.0.0.beta1)
      tilt (~> 2.0, >= 2.0.2)
    hanami-controller (1.0.0.beta2)
      hanami-utils (~> 1.0.0.beta1)
      rack (~> 2.0)
    hanami-helpers (1.0.0.beta1)
      hanami-utils (~> 1.0.0.beta1)
    hanami-mailer (1.0.0.beta1)
      hanami-utils (~> 1.0.0.beta1)
      mail (~> 2.5)
      tilt (~> 2.0, >= 2.0.1)
    hanami-router (1.0.0.beta2)
      hanami-utils (~> 1.0.0.beta1)
      http_router (= 0.11.2)
      rack (~> 2.0)
    hanami-utils (1.0.0.beta2)
    hanami-validations (1.0.0.beta1)
      dry-validation (~> 0.10)
      hanami-utils (~> 1.0.0.beta1)
    hanami-view (1.0.0.beta1)
      hanami-utils (~> 1.0.0.beta1)
      tilt (~> 2.0, >= 2.0.1)
    hashie (3.5.5)
    http_router (0.11.2)
      rack (>= 1.0.0)
      url_mount (~> 0.2.1)
    inflecto (0.0.2)
    jmespath (1.3.1)
    mail (2.6.4)
      mime-types (>= 1.16, < 4)
    mime-types (3.1)
      mime-types-data (~> 3.2015)
    mime-types-data (3.2016.0521)
    mini_portile2 (2.1.0)
    minitest (5.10.1)
    naught (1.1.0)
    nokogiri (1.7.0.1)
      mini_portile2 (~> 2.1.0)
    pg (0.19.0)
    public_suffix (2.0.5)
    rack (2.0.1)
    rack-test (0.6.3)
      rack (>= 1.0)
    rake (12.0.0)
    sequel (4.44.0)
    shotgun (0.9.2)
      rack (>= 1.0)
    terminal_colors (0.0.0)
    thor (0.19.4)
    thread_safe (0.3.6)
    tilt (2.0.6)
    tzinfo (1.2.2)
      thread_safe (~> 0.1)
    url_mount (0.2.1)
      rack
    xpath (2.0.0)
      nokogiri (~> 1.3)

PLATFORMS
  ruby

DEPENDENCIES
  aws-sdk
  byebug
  capybara
  dotenv (~> 2.0)
  file_transfer-client!
  hanami (= 1.0.0.beta2)
  minitest
  pg
  rake
  sequel
  shotgun

BUNDLED WITH
   1.14.3
